GEM
  remote: https://rubygems.org/
  specs:
    ffi (1.11.3)
    get_process_mem (0.2.5)
      ffi (~> 1.0)
    rack (2.0.7)

PLATFORMS
  ruby

DEPENDENCIES
  get_process_mem
  rack

RUBY VERSION
   ruby 2.6.5p114

BUNDLED WITH
   2.1.1
