GEM
  remote: https://rubygems.org/
  specs:
    ffi (1.13.1)
    get_process_mem (0.2.7)
      ffi (~> 1.0)
    rack (2.2.3.1)

PLATFORMS
  ruby

DEPENDENCIES
  get_process_mem
  rack

RUBY VERSION
   ruby 2.7.2p137

BUNDLED WITH
   2.1.4
